GEM
  remote: https://rubygems.org/
  specs:
    rake (10.1.0)
    test-unit (2.0.0.0)

PLATFORMS
  ruby

DEPENDENCIES
  rake (>= 10.1.0)
  test-unit (>= 2.0.0.0)
